GIT
  remote: https://github.com/hanami/events
  revision: 59a36d22b75ea045fa8994f4f660a02c0901f8b2
  specs:
    hanami-events (0.2.1)
      dry-container (~> 0.6)

PATH
  remote: .
  specs:
    hanami-events-cloud_pubsub (2.3.1)
      dry-configurable (>= 0.8, < 0.10)
      google-cloud-pubsub (>= 0.38.1, < 1.2)
      hanami-cli (~> 0.2)
      hanami-events (~> 0.2.0)

GEM
  remote: https://rubygems.org/
  specs:
    addressable (2.7.0)
      public_suffix (>= 2.0.2, < 5.0)
    ast (2.4.0)
    coderay (1.1.2)
    concurrent-ruby (1.1.5)
    diff-lcs (1.3)
    docile (1.3.2)
    dry-configurable (0.9.0)
      concurrent-ruby (~> 1.0)
      dry-core (~> 0.4, >= 0.4.7)
    dry-container (0.7.1)
      concurrent-ruby (~> 1.0)
      dry-configurable (~> 0.1, >= 0.1.3)
    dry-core (0.4.9)
      concurrent-ruby (~> 1.0)
    faraday (0.17.1)
      multipart-post (>= 1.2, < 3)
    google-cloud-core (1.4.1)
      google-cloud-env (~> 1.0)
    google-cloud-env (1.3.0)
      faraday (~> 0.11)
    google-cloud-pubsub (1.1.2)
      concurrent-ruby (~> 1.1)
      google-cloud-core (~> 1.2)
      google-gax (~> 1.8)
      googleapis-common-protos (>= 1.3.9, < 2.0)
      googleapis-common-protos-types (>= 1.0.4, < 2.0)
      grpc-google-iam-v1 (~> 0.6.9)
    google-gax (1.8.1)
      google-protobuf (~> 3.9)
      googleapis-common-protos (>= 1.3.9, < 2.0)
      googleauth (~> 0.9)
      grpc (~> 1.24)
      rly (~> 0.2.3)
    google-protobuf (3.11.2)
    googleapis-common-protos (1.3.9)
      google-protobuf (~> 3.0)
      googleapis-common-protos-types (~> 1.0)
      grpc (~> 1.0)
    googleapis-common-protos-types (1.0.4)
      google-protobuf (~> 3.0)
    googleauth (0.10.0)
      faraday (~> 0.12)
      jwt (>= 1.4, < 3.0)
      memoist (~> 0.16)
      multi_json (~> 1.11)
      os (>= 0.9, < 2.0)
      signet (~> 0.12)
    grpc (1.25.0)
      google-protobuf (~> 3.8)
      googleapis-common-protos-types (~> 1.0)
    grpc-google-iam-v1 (0.6.9)
      googleapis-common-protos (>= 1.3.1, < 2.0)
      grpc (~> 1.0)
    hanami-cli (0.3.1)
      concurrent-ruby (~> 1.0)
      hanami-utils (~> 1.3)
    hanami-utils (1.3.5)
      concurrent-ruby (~> 1.0)
      transproc (~> 1.0)
    jaro_winkler (1.5.4)
    json (2.2.0)
    jwt (2.2.1)
    memoist (0.16.2)
    method_source (0.9.2)
    multi_json (1.14.1)
    multipart-post (2.1.1)
    os (1.0.1)
    parallel (1.19.1)
    parser (2.7.0.1)
      ast (~> 2.4.0)
    pry (0.12.2)
      coderay (~> 1.1.0)
      method_source (~> 0.9.0)
    public_suffix (4.0.1)
    rainbow (3.0.0)
    rake (13.0.0)
    rly (0.2.3)
    rspec (3.9.0)
      rspec-core (~> 3.9.0)
      rspec-expectations (~> 3.9.0)
      rspec-mocks (~> 3.9.0)
    rspec-core (3.9.0)
      rspec-support (~> 3.9.0)
    rspec-expectations (3.9.0)
      diff-lcs (>= 1.2.0, < 2.0)
      rspec-support (~> 3.9.0)
    rspec-mocks (3.9.0)
      diff-lcs (>= 1.2.0, < 2.0)
      rspec-support (~> 3.9.0)
    rspec-support (3.9.0)
    rubocop (0.79.0)
      jaro_winkler (~> 1.5.1)
      parallel (~> 1.10)
      parser (>= 2.7.0.1)
      rainbow (>= 2.2.2, < 4.0)
      ruby-progressbar (~> 1.7)
      unicode-display_width (>= 1.4.0, < 1.7)
    ruby-progressbar (1.10.1)
    signet (0.12.0)
      addressable (~> 2.3)
      faraday (~> 0.9)
      jwt (>= 1.5, < 3.0)
      multi_json (~> 1.10)
    simplecov (0.17.0)
      docile (~> 1.1)
      json (>= 1.8, < 3)
      simplecov-html (~> 0.10.0)
    simplecov-html (0.10.2)
    transproc (1.1.0)
    unicode-display_width (1.6.0)

PLATFORMS
  ruby

DEPENDENCIES
  bundler (~> 1.16)
  hanami-events!
  hanami-events-cloud_pubsub!
  pry
  rake (~> 13.0)
  rspec (~> 3.0)
  rubocop
  simplecov

BUNDLED WITH
   1.17.2
